GEM
  remote: http://rubygems.org/
  specs:
    bunny (0.7.9)
    chef (0.10.8)
      bunny (>= 0.6.0)
      erubis
      highline
      json (>= 1.4.4, <= 1.6.1)
      mixlib-authentication (>= 1.1.0)
      mixlib-cli (>= 1.1.0)
      mixlib-config (>= 1.1.2)
      mixlib-log (>= 1.3.0)
      moneta
      net-ssh (~> 2.1.3)
      net-ssh-multi (~> 1.1.0)
      ohai (>= 0.6.0)
      rest-client (>= 1.0.4, < 1.7.0)
      treetop (~> 1.4.9)
      uuidtools
    erubis (2.7.0)
    highline (1.6.11)
    ipaddress (0.8.0)
    json (1.6.1)
    mime-types (1.18)
    mixlib-authentication (1.1.4)
      mixlib-log
    mixlib-cli (1.2.2)
    mixlib-config (1.1.2)
    mixlib-log (1.3.0)
    moneta (0.6.0)
    net-ssh (2.1.4)
    net-ssh-gateway (1.1.0)
      net-ssh (>= 1.99.1)
    net-ssh-multi (1.1)
      net-ssh (>= 2.1.4)
      net-ssh-gateway (>= 0.99.0)
    ohai (0.6.12)
      ipaddress
      mixlib-cli
      mixlib-config
      mixlib-log
      systemu
      yajl-ruby
    polyglot (0.3.3)
    rest-client (1.6.7)
      mime-types (>= 1.16)
    systemu (2.5.0)
    treetop (1.4.10)
      polyglot
      polyglot (>= 0.3.1)
    uuidtools (2.1.2)
    yajl-ruby (1.1.0)

PLATFORMS
  ruby

DEPENDENCIES
  chef
